GIT
  remote: git@github.com:darscan/ruby-gem-for-private-source
  revision: 56c4826f9098ef8cadd0acb73022baabb2ba9c9e
  specs:
    privvy (0.1.1)
      json
      nokogiri (= 1.5.4)
      redis-rack-cache (= 1.1)

GEM
  remote: https://rubygems.org/
  specs:
    json (2.2.0)
    nokogiri (1.5.4)
    rack (2.0.6)
    rack-cache (1.1)
      rack (>= 0.4)
    redis (2.2.2)
    redis-rack-cache (1.1)
      rack-cache (= 1.1)
      redis-store (= 1.1.0)
    redis-store (1.1.0)
      redis (~> 2.2.0)

PLATFORMS
  ruby

DEPENDENCIES
  privvy!

BUNDLED WITH
   1.16.2
